STORAGE: NONE
RESTRICTION: == net7.0
NUGET
  remote: https://api.nuget.org/v3/index.json
    AutoMapper (12.0.1)
      Microsoft.CSharp (>= 4.7)
    AutoMapper.Extensions.Microsoft.DependencyInjection (12.0.1)
      AutoMapper (12.0.1)
      Microsoft.Extensions.Options (>= 6.0)
    Azure.Core (1.34)
      Microsoft.Bcl.AsyncInterfaces (>= 1.1.1)
      System.Diagnostics.DiagnosticSource (>= 6.0.1)
      System.Memory.Data (>= 1.0.2)
      System.Numerics.Vectors (>= 4.5)
      System.Text.Encodings.Web (>= 4.7.2)
      System.Text.Json (>= 4.7.2)
      System.Threading.Tasks.Extensions (>= 4.5.4)
    Azure.Identity (1.9)
      Azure.Core (>= 1.32)
      Microsoft.Identity.Client (>= 4.49.1)
      Microsoft.Identity.Client.Extensions.Msal (>= 2.25.3)
      System.Memory (>= 4.5.4)
      System.Security.Cryptography.ProtectedData (>= 4.7)
      System.Text.Json (>= 4.7.2)
      System.Threading.Tasks.Extensions (>= 4.5.4)
    Humanizer.Core (2.14.1)
    Microsoft.AspNetCore.JsonPatch (7.0.9)
      Microsoft.CSharp (>= 4.7)
      Newtonsoft.Json (>= 13.0.1)
    Microsoft.AspNetCore.Mvc.NewtonsoftJson (7.0.9)
      Microsoft.AspNetCore.JsonPatch (>= 7.0.9)
      Newtonsoft.Json (>= 13.0.1)
      Newtonsoft.Json.Bson (>= 1.0.2)
    Microsoft.AspNetCore.Mvc.Versioning (5.1)
    Microsoft.AspNetCore.Mvc.Versioning.ApiExplorer (5.1)
      Microsoft.AspNetCore.Mvc.Versioning (>= 5.1)
    Microsoft.Bcl.AsyncInterfaces (7.0)
    Microsoft.CSharp (4.7)
    Microsoft.Data.SqlClient (5.1.1)
      Azure.Identity (>= 1.7)
      Microsoft.Data.SqlClient.SNI.runtime (>= 5.1)
      Microsoft.Identity.Client (>= 4.47.2)
      Microsoft.IdentityModel.JsonWebTokens (>= 6.24)
      Microsoft.IdentityModel.Protocols.OpenIdConnect (>= 6.24)
      Microsoft.SqlServer.Server (>= 1.0)
      System.Configuration.ConfigurationManager (>= 6.0.1)
      System.Diagnostics.DiagnosticSource (>= 6.0)
      System.Runtime.Caching (>= 6.0)
      System.Security.Cryptography.Cng (>= 5.0)
      System.Security.Principal.Windows (>= 5.0)
      System.Text.Encoding.CodePages (>= 6.0)
      System.Text.Encodings.Web (>= 6.0)
    Microsoft.Data.SqlClient.SNI.runtime (5.1)
    Microsoft.Data.Sqlite.Core (7.0.9)
      SQLitePCLRaw.core (>= 2.1.4)
    Microsoft.EntityFrameworkCore (7.0.9)
      Microsoft.EntityFrameworkCore.Abstractions (>= 7.0.9)
      Microsoft.EntityFrameworkCore.Analyzers (>= 7.0.9)
      Microsoft.Extensions.Caching.Memory (>= 7.0)
      Microsoft.Extensions.DependencyInjection (>= 7.0)
      Microsoft.Extensions.Logging (>= 7.0)
    Microsoft.EntityFrameworkCore.Abstractions (7.0.9)
    Microsoft.EntityFrameworkCore.Analyzers (7.0.9)
    Microsoft.EntityFrameworkCore.Design (7.0.9)
      Humanizer.Core (>= 2.14.1)
      Microsoft.EntityFrameworkCore.Relational (>= 7.0.9)
      Microsoft.Extensions.DependencyModel (>= 7.0)
      Mono.TextTemplating (>= 2.2.1)
    Microsoft.EntityFrameworkCore.Relational (7.0.9)
      Microsoft.EntityFrameworkCore (>= 7.0.9)
      Microsoft.Extensions.Configuration.Abstractions (>= 7.0)
    Microsoft.EntityFrameworkCore.Sqlite (7.0.9)
      Microsoft.EntityFrameworkCore.Sqlite.Core (>= 7.0.9)
      SQLitePCLRaw.bundle_e_sqlite3 (>= 2.1.4)
    Microsoft.EntityFrameworkCore.Sqlite.Core (7.0.9)
      Microsoft.Data.Sqlite.Core (>= 7.0.9)
      Microsoft.EntityFrameworkCore.Relational (>= 7.0.9)
      Microsoft.Extensions.DependencyModel (>= 7.0)
    Microsoft.EntityFrameworkCore.SqlServer (7.0.9)
      Microsoft.Data.SqlClient (>= 5.0.2)
      Microsoft.EntityFrameworkCore.Relational (>= 7.0.9)
    Microsoft.EntityFrameworkCore.Tools (7.0.9)
      Microsoft.EntityFrameworkCore.Design (>= 7.0.9)
    Microsoft.Extensions.ApiDescription.Server (7.0.9)
    Microsoft.Extensions.Caching.Abstractions (7.0)
      Microsoft.Extensions.Primitives (>= 7.0)
    Microsoft.Extensions.Caching.Memory (7.0)
      Microsoft.Extensions.Caching.Abstractions (>= 7.0)
      Microsoft.Extensions.DependencyInjection.Abstractions (>= 7.0)
      Microsoft.Extensions.Logging.Abstractions (>= 7.0)
      Microsoft.Extensions.Options (>= 7.0)
      Microsoft.Extensions.Primitives (>= 7.0)
    Microsoft.Extensions.Configuration.Abstractions (7.0)
      Microsoft.Extensions.Primitives (>= 7.0)
    Microsoft.Extensions.Configuration.Binder (7.0.4)
      Microsoft.Extensions.Configuration.Abstractions (>= 7.0)
    Microsoft.Extensions.DependencyInjection (7.0)
      Microsoft.Extensions.DependencyInjection.Abstractions (>= 7.0)
    Microsoft.Extensions.DependencyInjection.Abstractions (7.0)
    Microsoft.Extensions.DependencyModel (7.0)
      System.Text.Encodings.Web (>= 7.0)
      System.Text.Json (>= 7.0)
    Microsoft.Extensions.FileProviders.Abstractions (7.0)
      Microsoft.Extensions.Primitives (>= 7.0)
    Microsoft.Extensions.FileProviders.Embedded (7.0.9)
      Microsoft.Extensions.FileProviders.Abstractions (>= 7.0)
    Microsoft.Extensions.Hosting.Abstractions (7.0)
      Microsoft.Extensions.Configuration.Abstractions (>= 7.0)
      Microsoft.Extensions.DependencyInjection.Abstractions (>= 7.0)
      Microsoft.Extensions.FileProviders.Abstractions (>= 7.0)
    Microsoft.Extensions.Logging (7.0)
      Microsoft.Extensions.DependencyInjection (>= 7.0)
      Microsoft.Extensions.DependencyInjection.Abstractions (>= 7.0)
      Microsoft.Extensions.Logging.Abstractions (>= 7.0)
      Microsoft.Extensions.Options (>= 7.0)
    Microsoft.Extensions.Logging.Abstractions (7.0.1)
    Microsoft.Extensions.Options (7.0.1)
      Microsoft.Extensions.DependencyInjection.Abstractions (>= 7.0)
      Microsoft.Extensions.Primitives (>= 7.0)
    Microsoft.Extensions.Primitives (7.0)
    Microsoft.Identity.Client (4.55)
      Microsoft.IdentityModel.Abstractions (>= 6.22)
    Microsoft.Identity.Client.Extensions.Msal (2.32)
      Microsoft.Identity.Client (>= 4.55)
      System.IO.FileSystem.AccessControl (>= 5.0)
      System.Security.Cryptography.ProtectedData (>= 4.5)
    Microsoft.IdentityModel.Abstractions (6.32.1)
    Microsoft.IdentityModel.JsonWebTokens (6.32.1)
      Microsoft.IdentityModel.Tokens (>= 6.32.1)
      System.Text.Encoding (>= 4.3)
      System.Text.Encodings.Web (>= 4.7.2)
      System.Text.Json (>= 4.7.2)
    Microsoft.IdentityModel.Logging (6.32.1)
      Microsoft.IdentityModel.Abstractions (>= 6.32.1)
    Microsoft.IdentityModel.Protocols (6.32.1)
      Microsoft.IdentityModel.Logging (>= 6.32.1)
      Microsoft.IdentityModel.Tokens (>= 6.32.1)
    Microsoft.IdentityModel.Protocols.OpenIdConnect (6.32.1)
      Microsoft.IdentityModel.Protocols (>= 6.32.1)
      System.IdentityModel.Tokens.Jwt (>= 6.32.1)
    Microsoft.IdentityModel.Tokens (6.32.1)
      Microsoft.CSharp (>= 4.5)
      Microsoft.IdentityModel.Logging (>= 6.32.1)
      System.Security.Cryptography.Cng (>= 4.5)
    Microsoft.NETCore.Platforms (7.0.4)
    Microsoft.NETCore.Targets (5.0)
    Microsoft.SqlServer.Server (1.0)
    Microsoft.Win32.SystemEvents (7.0)
    Mono.TextTemplating (2.3.1)
      System.CodeDom (>= 5.0)
    Namotion.Reflection (2.1.2)
      Microsoft.CSharp (>= 4.3)
    Newtonsoft.Json (13.0.3)
    Newtonsoft.Json.Bson (1.0.2)
      Newtonsoft.Json (>= 12.0.1)
    NJsonSchema (10.9)
      Namotion.Reflection (>= 2.1.2)
      Newtonsoft.Json (>= 9.0.1)
    NJsonSchema.Yaml (10.9)
      Microsoft.CSharp (>= 4.4.1)
      NJsonSchema (>= 10.9)
      YamlDotNet (>= 11.2.1)
    NSwag.Annotations (13.19)
    NSwag.AspNetCore (13.19)
      Microsoft.Extensions.ApiDescription.Server (>= 6.0.3)
      Microsoft.Extensions.FileProviders.Embedded (>= 7.0 < 8.0)
      NSwag.Annotations (>= 13.19)
      NSwag.Core (>= 13.19)
      NSwag.Core.Yaml (>= 13.19)
      NSwag.Generation (>= 13.19)
      NSwag.Generation.AspNetCore (>= 13.19)
    NSwag.Core (13.19)
      Newtonsoft.Json (>= 10.0.1)
      NJsonSchema (>= 10.9)
    NSwag.Core.Yaml (13.19)
      NJsonSchema.Yaml (>= 10.9)
      NSwag.Core (>= 13.19)
      YamlDotNet (>= 11.2.1)
    NSwag.Generation (13.19)
      Newtonsoft.Json (>= 10.0.1)
      NJsonSchema (>= 10.9)
      NSwag.Core (>= 13.19)
    NSwag.Generation.AspNetCore (13.19)
      Microsoft.Extensions.DependencyInjection.Abstractions (>= 7.0 < 8.0)
      Microsoft.Extensions.Options (>= 7.0 < 8.0)
      NSwag.Generation (>= 13.19)
    Serilog (3.0.1)
    Serilog.AspNetCore (7.0)
      Microsoft.Extensions.DependencyInjection (>= 7.0)
      Microsoft.Extensions.Logging (>= 7.0)
      Serilog (>= 2.12)
      Serilog.Extensions.Hosting (>= 7.0)
      Serilog.Formatting.Compact (>= 1.1)
      Serilog.Settings.Configuration (>= 7.0)
      Serilog.Sinks.Console (>= 4.0.1)
      Serilog.Sinks.Debug (>= 2.0)
      Serilog.Sinks.File (>= 5.0)
    Serilog.Extensions.Hosting (7.0)
      Microsoft.Extensions.DependencyInjection.Abstractions (>= 7.0)
      Microsoft.Extensions.Hosting.Abstractions (>= 7.0)
      Microsoft.Extensions.Logging.Abstractions (>= 7.0)
      Serilog (>= 2.12)
      Serilog.Extensions.Logging (>= 7.0)
    Serilog.Extensions.Logging (7.0)
      Microsoft.Extensions.Logging (>= 7.0)
      Serilog (>= 2.12)
    Serilog.Formatting.Compact (1.1)
      Serilog (>= 2.8)
    Serilog.Settings.Configuration (7.0)
      Microsoft.Extensions.Configuration.Binder (>= 7.0)
      Microsoft.Extensions.DependencyModel (>= 7.0)
      Serilog (>= 2.12)
    Serilog.Sinks.Console (4.1)
      Serilog (>= 2.10)
    Serilog.Sinks.Debug (2.0)
      Serilog (>= 2.10)
    Serilog.Sinks.File (5.0)
      Serilog (>= 2.10)
    SQLitePCLRaw.bundle_e_sqlite3 (2.1.5)
      SQLitePCLRaw.lib.e_sqlite3 (>= 2.1.5)
      SQLitePCLRaw.provider.e_sqlite3 (>= 2.1.5)
    SQLitePCLRaw.core (2.1.5)
      System.Memory (>= 4.5.3)
    SQLitePCLRaw.lib.e_sqlite3 (2.1.5)
    SQLitePCLRaw.provider.e_sqlite3 (2.1.5)
      SQLitePCLRaw.core (>= 2.1.5)
    System.CodeDom (7.0)
    System.Configuration.ConfigurationManager (7.0)
      System.Diagnostics.EventLog (>= 7.0)
      System.Security.Cryptography.ProtectedData (>= 7.0)
      System.Security.Permissions (>= 7.0)
    System.Diagnostics.DiagnosticSource (7.0.2)
    System.Diagnostics.EventLog (7.0)
    System.Drawing.Common (7.0)
      Microsoft.Win32.SystemEvents (>= 7.0)
    System.Formats.Asn1 (7.0)
    System.IdentityModel.Tokens.Jwt (6.32.1)
      Microsoft.IdentityModel.JsonWebTokens (>= 6.32.1)
      Microsoft.IdentityModel.Tokens (>= 6.32.1)
    System.IO.FileSystem.AccessControl (5.0)
      System.Security.AccessControl (>= 5.0)
      System.Security.Principal.Windows (>= 5.0)
    System.Memory (4.5.5)
    System.Memory.Data (7.0)
      System.Text.Json (>= 7.0)
    System.Numerics.Vectors (4.5)
    System.Runtime (4.3.1)
      Microsoft.NETCore.Platforms (>= 1.1.1)
      Microsoft.NETCore.Targets (>= 1.1.3)
    System.Runtime.Caching (7.0)
      System.Configuration.ConfigurationManager (>= 7.0)
    System.Security.AccessControl (6.0)
    System.Security.Cryptography.Cng (5.0)
      System.Formats.Asn1 (>= 5.0)
    System.Security.Cryptography.ProtectedData (7.0.1)
    System.Security.Permissions (7.0)
      System.Windows.Extensions (>= 7.0)
    System.Security.Principal.Windows (5.0)
    System.Text.Encoding (4.3)
      Microsoft.NETCore.Platforms (>= 1.1)
      Microsoft.NETCore.Targets (>= 1.1)
      System.Runtime (>= 4.3)
    System.Text.Encoding.CodePages (7.0)
    System.Text.Encodings.Web (7.0)
    System.Text.Json (7.0.3)
      System.Text.Encodings.Web (>= 7.0)
    System.Threading.Tasks.Extensions (4.5.4)
    System.Windows.Extensions (7.0)
      System.Drawing.Common (>= 7.0)
    YamlDotNet (13.1.1)
